PATH
  remote: .
  specs:
    highcarb (0.2)
      coffee-script
      em-websocket
      haml
      kramdown
      mime-types
      nokogiri
      sass
      thin
      trollop

GEM
  remote: http://rubygems.org/
  specs:
    addressable (2.3.2)
    coffee-script (2.2.0)
      coffee-script-source
      execjs
    coffee-script-source (1.3.3)
    daemons (1.1.9)
    em-websocket (0.3.8)
      addressable (>= 2.1.1)
      eventmachine (>= 0.12.9)
    eventmachine (1.0.0)
    execjs (1.4.0)
      multi_json (~> 1.0)
    haml (3.1.7)
    kramdown (0.14.0)
    mime-types (1.19)
    multi_json (1.3.6)
    nokogiri (1.5.5)
    rack (1.4.1)
    sass (3.2.1)
    thin (1.5.0)
      daemons (>= 1.0.9)
      eventmachine (>= 0.12.6)
      rack (>= 1.0.0)
    trollop (2.0)

PLATFORMS
  ruby

DEPENDENCIES
  highcarb!
