PATH
  remote: .
  specs:
    highcarb (0.2.3)
      haml
      kramdown
      mime-types
      nokogiri
      rouge
      sassc
      thin
      trollop

GEM
  remote: https://rubygems.org/
  specs:
    daemons (1.4.1)
    eventmachine (1.2.7)
    ffi (1.15.5)
    haml (6.1.1)
      temple (>= 0.8.2)
      thor
      tilt
    kramdown (2.4.0)
      rexml
    mime-types (3.4.1)
      mime-types-data (~> 3.2015)
    mime-types-data (3.2023.0218.1)
    nokogiri (1.14.3-x86_64-linux)
      racc (~> 1.4)
    racc (1.6.2)
    rack (2.2.6.4)
    rexml (3.2.5)
    rouge (4.1.0)
    sassc (2.4.0)
      ffi (~> 1.9)
    temple (0.10.0)
    thin (1.8.2)
      daemons (~> 1.0, >= 1.0.9)
      eventmachine (~> 1.0, >= 1.0.4)
      rack (>= 1, < 3)
    thor (1.2.1)
    tilt (2.1.0)
    trollop (2.9.10)

PLATFORMS
  x86_64-linux

DEPENDENCIES
  highcarb!

BUNDLED WITH
   2.4.6
